GEM
  remote: https://rubygems.org/
  specs:
    ansi (1.5.0)
    builder (3.2.2)
    database_cleaner (1.5.3)
    minitest (5.9.0)
    minitest-reporters (1.1.11)
      ansi
      builder
      minitest (>= 5.0)
      ruby-progressbar
    rake (11.3.0)
    ruby-progressbar (1.8.1)
    sequel (4.38.0)
    sqlite3 (1.3.11)

PLATFORMS
  ruby

DEPENDENCIES
  database_cleaner
  minitest
  minitest-reporters
  rake
  sequel
  sqlite3

BUNDLED WITH
   1.12.4
